PATH
  remote: .
  specs:
    paraquest (0.0.1)
      jruby-httpclient
      rake
      ribimaybe

GEM
  remote: https://rubygems.org/
  specs:
    contracts (0.7)
    diff-lcs (1.2.5)
    fuubar (2.0.0)
      rspec (~> 3.0)
      ruby-progressbar (~> 1.4)
    jruby-httpclient (1.1.1-java)
    rake (10.4.2)
    ribimaybe (0.0.13)
      contracts (~> 0.4)
    rspec (3.2.0)
      rspec-core (~> 3.2.0)
      rspec-expectations (~> 3.2.0)
      rspec-mocks (~> 3.2.0)
    rspec-core (3.2.1)
      rspec-support (~> 3.2.0)
    rspec-expectations (3.2.0)
      diff-lcs (>= 1.2.0, < 2.0)
      rspec-support (~> 3.2.0)
    rspec-mocks (3.2.1)
      diff-lcs (>= 1.2.0, < 2.0)
      rspec-support (~> 3.2.0)
    rspec-support (3.2.2)
    ruby-progressbar (1.7.1)

PLATFORMS
  java

DEPENDENCIES
  fuubar
  paraquest!
  rspec (>= 2.0.0)
